GEM
  remote: https://rubygems.org/
  remote: http://gems.erasme.org/
  specs:
    addressable (2.3.5)
    akami (1.2.0)
      gyoku (>= 0.4.0)
      nokogiri (>= 1.4.0)
    backports (3.3.5)
    bacon (1.2.0)
    builder (3.2.2)
    coderay (1.1.0)
    daemons (1.1.9)
    eventmachine (1.0.3)
    gyoku (1.0.0)
      builder (>= 2.1.2)
    hashie (2.0.5)
    httpi (2.0.2)
      rack
    json (1.8.1)
    method_source (0.8.2)
    mini_portile (0.5.2)
    multi_json (1.8.2)
    mysql2 (0.3.14)
    nokogiri (1.6.0)
      mini_portile (~> 0.5.0)
    nori (2.1.0)
    omniauth (1.1.4)
      hashie (>= 1.2, < 3)
      rack
    omniauth-cas (1.0.4)
      addressable (~> 2.3)
      nokogiri (~> 1.6)
      omniauth (~> 1.1.0)
    pry (0.9.12.4)
      coderay (~> 1.0)
      method_source (~> 0.8)
      slop (~> 3.4)
    rack (1.5.2)
    rack-protection (1.5.1)
      rack
    rack-rewrite (1.4.1)
    rack-test (0.6.2)
      rack (>= 1.0)
    rake (10.1.1)
    ruby-oci8 (2.1.5)
    savon (2.2.0)
      akami (~> 1.2.0)
      builder (>= 2.1.2)
      gyoku (~> 1.0.0)
      httpi (~> 2.0.2)
      nokogiri (>= 1.4.0)
      nori (~> 2.1.0)
      wasabi (~> 3.1.0)
    sequel (4.4.0)
    sequel_plus (0.4.1)
      sequel (>= 3.0.0)
    shotgun (0.9)
      rack (>= 1.0)
    sinatra (1.4.4)
      rack (~> 1.4)
      rack-protection (~> 1.4)
      tilt (~> 1.3, >= 1.3.4)
    sinatra-contrib (1.4.2)
      backports (>= 2.0)
      multi_json
      rack-protection
      rack-test
      sinatra (~> 1.4.0)
      tilt (~> 1.3)
    sinatra-sequel (0.9.0)
      bacon
      sequel (>= 3.2.0)
      sinatra (>= 0.9.4)
    slop (3.4.7)
    thin (1.6.1)
      daemons (>= 1.0.9)
      eventmachine (>= 1.0.0)
      rack (>= 1.0.0)
    tilt (1.4.1)
    wasabi (3.1.0)
      httpi (~> 2.0)
      nokogiri (>= 1.4.0)

PLATFORMS
  ruby

DEPENDENCIES
  json
  mysql2
  nokogiri
  omniauth
  omniauth-cas
  pry
  rack-rewrite
  rake
  ruby-oci8
  savon
  sequel
  sequel_plus
  shotgun
  sinatra
  sinatra-contrib
  sinatra-sequel
  thin
